GEM
  remote: https://rubygems.org/
  specs:
    celluloid (0.16.0)
      timers (~> 4.0.0)
    concurrent-ruby (1.1.6)
    deprecated (3.0.1)
    dimensions (1.3.0)
    escape (0.0.4)
    exifr (1.2.6)
    ffi (1.13.1)
    geocoder (1.2.14)
    hitimes (2.0.0)
    listen (2.10.1)
      celluloid (~> 0.16.0)
      rb-fsevent (>= 0.9.3)
      rb-inotify (>= 0.9)
    maid (0.7.0)
      deprecated (~> 3.0.0)
      dimensions (>= 1.0.0, < 2.0)
      escape (>= 0.0.1, < 0.1.0)
      exifr (~> 1.2.0)
      geocoder (~> 1.2.0)
      listen (>= 2.8.0, < 2.11.0)
      mime-types (~> 2.0)
      rubyzip (~> 1.1.0)
      rufus-scheduler (~> 3.0.6)
      thor (>= 0.14.0, < 1.0.0)
      xdg (~> 2.2.3)
    mime-types (2.99.3)
    msgpack (1.3.3)
    multi_json (1.14.1)
    neovim (0.8.1)
      msgpack (~> 1.1)
      multi_json (~> 1.0)
    rb-fsevent (0.10.4)
    rb-inotify (0.10.1)
      ffi (~> 1.0)
    rubyzip (1.1.7)
    rufus-scheduler (3.0.9)
      tzinfo
    thor (0.20.3)
    timers (4.0.4)
      hitimes
    tzinfo (2.0.2)
      concurrent-ruby (~> 1.0)
    xdg (2.2.5)

PLATFORMS
  ruby

DEPENDENCIES
  maid
  neovim

BUNDLED WITH
   2.1.4
